PATH
  remote: .
  specs:
    script (0.0.4)
      colorize

GEM
  remote: https://rubygems.org/
  specs:
    byebug (9.0.6)
    colorize (0.8.1)
    diff-lcs (1.3)
    rake (10.4.2)
    rspec (3.7.0)
      rspec-core (~> 3.7.0)
      rspec-expectations (~> 3.7.0)
      rspec-mocks (~> 3.7.0)
    rspec-core (3.7.0)
      rspec-support (~> 3.7.0)
    rspec-expectations (3.7.0)
      diff-lcs (>= 1.2.0, < 2.0)
      rspec-support (~> 3.7.0)
    rspec-mocks (3.7.0)
      diff-lcs (>= 1.2.0, < 2.0)
      rspec-support (~> 3.7.0)
    rspec-support (3.7.0)

PLATFORMS
  ruby

DEPENDENCIES
  bundler (~> 1.16)
  byebug
  rake (~> 10.0)
  rspec (~> 3.0)
  script!

BUNDLED WITH
   1.16.0
